GEM
  remote: http://rubygems.org/
  specs:
    activesupport (3.2.11)
      i18n (~> 0.6)
      multi_json (~> 1.0)
    airbrake (3.1.7)
      activesupport
      builder
      json
    builder (3.1.4)
    commonjs (0.2.6)
    graphite_graph (0.0.8)
    i18n (0.6.4)
    json (1.7.7)
    kgio (2.7.4)
    less (2.2.1)
      commonjs (~> 0.2.6)
    libv8 (3.3.10.4)
    multi_json (1.7.2)
    rack (1.4.5)
    rack-protection (1.2.0)
      rack
    raindrops (0.10.0)
    rake (10.0.4)
    redcarpet (2.1.1)
    sinatra (1.3.3)
      rack (~> 1.3, >= 1.3.6)
      rack-protection (~> 1.2)
      tilt (~> 1.3, >= 1.3.3)
    therubyracer (0.10.1)
      libv8 (~> 3.3.10)
    tilt (1.3.3)
    unicorn (4.5.0)
      kgio (~> 2.6)
      rack
      raindrops (~> 0.7)

PLATFORMS
  ruby

DEPENDENCIES
  airbrake
  graphite_graph (~> 0.0.8)
  json
  less
  rake
  redcarpet
  sinatra
  therubyracer
  unicorn
