GEM
  remote: http://rubygems.org/
  specs:
    activesupport (3.2.11)
      i18n (~> 0.6)
      multi_json (~> 1.0)
    airbrake (3.1.7)
      activesupport
      builder
      json
    builder (3.1.4)
    commonjs (0.2.6)
    graphite_graph (0.0.8)
    i18n (0.6.4)
    json (1.8.3)
    kgio (2.10.0)
    less (2.2.1)
      commonjs (~> 0.2.6)
    libv8 (3.16.14.13)
    multi_json (1.7.2)
    rack (1.6.4)
    rack-protection (1.2.0)
      rack
    raindrops (0.15.0)
    rake (10.0.4)
    redcarpet (2.1.1)
    ref (2.0.0)
    sinatra (1.3.3)
      rack (~> 1.3, >= 1.3.6)
      rack-protection (~> 1.2)
      tilt (~> 1.3, >= 1.3.3)
    therubyracer (0.12.2)
      libv8 (~> 3.16.14.0)
      ref
    tilt (1.3.3)
    unicorn (5.0.1)
      kgio (~> 2.6)
      rack
      raindrops (~> 0.7)

PLATFORMS
  ruby

DEPENDENCIES
  airbrake
  graphite_graph (~> 0.0.8)
  json
  less
  rake
  redcarpet
  sinatra
  therubyracer
  unicorn

BUNDLED WITH
   1.11.2
